PATH
  remote: .
  specs:
    memcached (1.8.2)

GEM
  remote: https://rubygems.org/
  specs:
    activesupport (6.0.6.1)
      concurrent-ruby (~> 1.0, >= 1.0.2)
      i18n (>= 0.7, < 2)
      minitest (~> 5.1)
      tzinfo (~> 1.1)
      zeitwerk (~> 2.2, >= 2.2.2)
    concurrent-ruby (1.2.0)
    dalli (2.6.4)
    i18n (1.12.0)
      concurrent-ruby (~> 1.0)
    memcache-client (1.8.5)
    minitest (5.17.0)
    mocha (1.11.2)
    power_assert (2.0.0)
    rake (13.0.1)
    rake-compiler (1.1.1)
      rake
    remix-stash (1.1.3)
    test-unit (3.4.0)
      power_assert
    thread_safe (0.3.6)
    tzinfo (1.2.11)
      thread_safe (~> 0.1)
    zeitwerk (2.6.6)

PLATFORMS
  ruby

DEPENDENCIES
  activesupport
  dalli (~> 2.6.4)
  memcache-client (~> 1.8.5)
  memcached!
  mocha
  rake
  rake-compiler
  remix-stash (~> 1.1.3)
  test-unit

BUNDLED WITH
   2.2.22
